GIT
  remote: git://github.com/chrismdp/spork.git
  revision: 63761d5cb9e00817e9f1508d00784f22382aac32
  specs:
    spork (0.9.0.rc2)

GEM
  remote: http://rubygems.org/
  specs:
    Ascii85 (1.0.2)
    actionmailer (3.1.12)
      actionpack (= 3.1.12)
      mail (~> 2.4.4)
    actionpack (3.1.12)
      activemodel (= 3.1.12)
      activesupport (= 3.1.12)
      builder (~> 3.0.0)
      erubis (~> 2.7.0)
      i18n (~> 0.6)
      rack (~> 1.3.6)
      rack-cache (~> 1.2)
      rack-mount (~> 0.8.2)
      rack-test (~> 0.6.1)
      sprockets (~> 2.0.4)
    activemodel (3.1.12)
      activesupport (= 3.1.12)
      builder (~> 3.0.0)
      i18n (~> 0.6)
    activerecord (3.1.12)
      activemodel (= 3.1.12)
      activesupport (= 3.1.12)
      arel (~> 2.2.3)
      tzinfo (~> 0.3.29)
    activerecord-import (0.2.11)
      activerecord (~> 3.0)
      activerecord (~> 3.0)
    activeresource (3.1.12)
      activemodel (= 3.1.12)
      activesupport (= 3.1.12)
    activesupport (3.1.12)
      multi_json (~> 1.0)
    afm (0.2.0)
    arel (2.2.3)
    bcrypt-ruby (3.1.2)
    best_in_place (2.1.0)
      jquery-rails
      rails (~> 3.1)
    better_errors (0.3.2)
      coderay (>= 1.0.0)
      erubis (>= 2.7.0)
    binding_of_caller (0.7.2)
      debug_inspector (>= 0.0.1)
    bootstrap-sass (2.1.1.0)
    builder (3.0.4)
    ci_reporter (1.9.0)
      builder (>= 2.1.2)
    cocaine (0.4.2)
    coderay (1.1.0)
    coffee-rails (3.1.1)
      coffee-script (>= 2.2.0)
      railties (~> 3.1.0)
    coffee-script (2.2.0)
      coffee-script-source
      execjs
    coffee-script-source (1.7.0)
    columnize (0.3.6)
    crack (0.4.1)
      safe_yaml (~> 0.9.0)
    daemons (1.1.9)
    dalli (2.6.4)
    deadlock_retry (1.2.0)
    debug_inspector (0.0.2)
    debugger (1.6.5)
      columnize (>= 0.3.1)
      debugger-linecache (~> 1.2.0)
      debugger-ruby_core_source (~> 1.3.1)
    debugger-linecache (1.2.0)
    debugger-ruby_core_source (1.3.1)
    default_value_for (2.0.3)
    delayed_job (3.0.3)
      activesupport (~> 3.0)
    delayed_job_active_record (4.0.0)
      activerecord (>= 3.0, < 4.1)
      delayed_job (>= 3.0, < 4.1)
    devise (2.2.7)
      bcrypt-ruby (~> 3.0)
      orm_adapter (~> 0.1)
      railties (~> 3.1)
      warden (~> 1.2.1)
    devise-encryptable (0.1.2)
      devise (>= 2.1.0)
    devise_security_extension (0.7.2)
      devise (>= 2.0.0)
      rails (>= 3.1.1)
    diff-lcs (1.2.5)
    erubis (2.7.0)
    eventmachine (1.0.3)
    exception_notification (3.0.1)
      actionmailer (>= 3.0.4)
    execjs (2.0.2)
    factory_girl (4.3.0)
      activesupport (>= 3.0.0)
    factory_girl_rails (4.3.0)
      factory_girl (~> 4.3.0)
      railties (>= 3.0.0)
    hashery (2.1.1)
    hashie (2.0.5)
    hike (1.2.3)
    httparty (0.11.0)
      multi_json (~> 1.0)
      multi_xml (>= 0.5.2)
    i18n (0.6.9)
    jquery-rails (3.0.4)
      railties (>= 3.0, < 5.0)
      thor (>= 0.14, < 2.0)
    jquery_datepicker (0.4)
    json (1.8.1)
    libv8 (3.16.14.3)
    macaddr (1.6.1)
      systemu (~> 2.5.0)
    mail (2.4.4)
      i18n (>= 0.4.0)
      mime-types (~> 1.16)
      treetop (~> 1.4.8)
    marginalia (1.1.3)
      actionpack (>= 2.3, < 3.3)
      activerecord (>= 2.3, < 3.3)
    mime-types (1.25.1)
    mousetrap-rails (0.0.12)
    multi_json (1.8.4)
    multi_xml (0.5.5)
    mysql2 (0.3.11)
    newrelic_rpm (3.7.1.188)
    nokogiri (1.5.5)
    orm_adapter (0.5.0)
    paperclip (3.3.1)
      activemodel (>= 3.0.0)
      activerecord (>= 3.0.0)
      activesupport (>= 3.0.0)
      cocaine (~> 0.4.0)
      mime-types
    pdf-reader (1.3.3)
      Ascii85 (~> 1.0.0)
      afm (~> 0.2.0)
      hashery (~> 2.0)
      ruby-rc4
      ttfunk
    polyglot (0.3.3)
    prawn (1.0.0.rc1)
      pdf-reader (>= 0.9.0)
      ttfunk (~> 1.0.3)
    prototype-rails (3.1.0)
      rails (~> 3.1)
    quiet_assets (1.0.2)
      railties (>= 3.1, < 5.0)
    rack (1.3.10)
    rack-cache (1.2)
      rack (>= 0.4)
    rack-mount (0.8.3)
      rack (>= 1.0.0)
    rack-ssl (1.3.3)
      rack
    rack-test (0.6.2)
      rack (>= 1.0)
    rails (3.1.12)
      actionmailer (= 3.1.12)
      actionpack (= 3.1.12)
      activerecord (= 3.1.12)
      activeresource (= 3.1.12)
      activesupport (= 3.1.12)
      bundler (~> 1.0)
      railties (= 3.1.12)
    rails-footnotes (3.7.9)
      rails (>= 3.0.0)
    rails_config (0.3.3)
      activesupport (>= 3.0)
    railties (3.1.12)
      actionpack (= 3.1.12)
      activesupport (= 3.1.12)
      rack-ssl (~> 1.3.2)
      rake (>= 0.8.7)
      rdoc (~> 3.4)
      thor (~> 0.14.6)
    rake (10.1.1)
    rb-readline (0.4.2)
    rdoc (3.12.2)
      json (~> 1.4)
    ref (1.0.5)
    riddle (1.5.10)
    rspec-core (2.14.7)
    rspec-expectations (2.14.5)
      diff-lcs (>= 1.1.3, < 2.0)
    rspec-mocks (2.14.5)
    rspec-rails (2.14.1)
      actionpack (>= 3.0)
      activemodel (>= 3.0)
      activesupport (>= 3.0)
      railties (>= 3.0)
      rspec-core (~> 2.14.0)
      rspec-expectations (~> 2.14.0)
      rspec-mocks (~> 2.14.0)
    ruby-ole (1.2.11.7)
    ruby-rc4 (0.1.5)
    rubyzip (0.9.9)
    safe_yaml (0.9.7)
    sass (3.2.14)
    sass-rails (3.1.4)
      actionpack (~> 3.1.0)
      railties (~> 3.1.0)
      sass (>= 3.1.4)
      sprockets (~> 2.0.0)
      tilt (~> 1.3.2)
    seed-fu (2.2.0)
      activerecord (~> 3.1)
      activesupport (~> 3.1)
    simple_form (2.1.0)
      actionpack (~> 3.0)
      activemodel (~> 3.0)
    spinjs-rails (1.3)
      rails (>= 3.1)
    spreadsheet (0.9.0)
      ruby-ole (>= 1.0)
    sprockets (2.0.4)
      hike (~> 1.2)
      rack (~> 1.0)
      tilt (~> 1.1, != 1.3.0)
    systemu (2.5.2)
    therubyracer (0.12.0)
      libv8 (~> 3.16.14.0)
      ref
    thin (1.6.1)
      daemons (>= 1.0.9)
      eventmachine (>= 1.0.0)
      rack (>= 1.0.0)
    thinking-sphinx (2.0.14)
      activerecord (>= 3.0.3)
      builder (>= 2.1.2)
      riddle (>= 1.5.3)
    thor (0.14.6)
    tilt (1.3.7)
    treetop (1.4.15)
      polyglot
      polyglot (>= 0.3.1)
    ts-datetime-delta (1.0.3)
      thinking-sphinx (>= 1.3.8)
    ts-delayed-delta (1.1.2)
      delayed_job (>= 2.1.0)
      thinking-sphinx (>= 1.3.6)
    ttfunk (1.0.3)
    tzinfo (0.3.38)
    uglifier (2.2.1)
      execjs (>= 0.3.0)
      multi_json (~> 1.0, >= 1.0.2)
    uuid (2.3.5)
      macaddr (~> 1.0)
    warden (1.2.3)
      rack (>= 1.0)
    will_paginate (3.0.5)
    will_paginate-bootstrap (0.2.5)
      will_paginate (>= 3.0.3)

PLATFORMS
  ruby

DEPENDENCIES
  activerecord-import (= 0.2.11)
  best_in_place (= 2.1.0)
  better_errors (~> 0.3.2)
  binding_of_caller
  bootstrap-sass (~> 2.1.1.0)
  ci_reporter (= 1.9.0)
  coffee-rails (~> 3.1.0)
  crack (= 0.4.1)
  daemons (= 1.1.9)
  dalli (= 2.6.4)
  deadlock_retry (= 1.2.0)
  debugger
  default_value_for (= 2.0.3)
  delayed_job (= 3.0.3)
  delayed_job_active_record (= 4.0.0)
  devise (= 2.2.7)
  devise-encryptable (= 0.1.2)
  devise_security_extension (= 0.7.2)
  exception_notification (= 3.0.1)
  factory_girl_rails
  hashie (= 2.0.5)
  httparty (= 0.11.0)
  jquery-rails (= 3.0.4)
  jquery_datepicker (= 0.4)
  json (~> 1.8)
  marginalia (= 1.1.3)
  mousetrap-rails (= 0.0.12)
  mysql2 (= 0.3.11)
  newrelic_rpm (>= 3.5.4)
  nokogiri (= 1.5.5)
  paperclip (= 3.3.1)
  prawn (= 1.0.0.rc1)
  prototype-rails (= 3.1.0)
  quiet_assets
  rails (= 3.1.12)
  rails-footnotes (>= 3.7.9)
  rails_config (= 0.3.3)
  rb-readline (~> 0.4.2)
  rspec-rails (~> 2.0)
  rubyzip (= 0.9.9)
  sass-rails (= 3.1.4)
  seed-fu (= 2.2.0)
  simple_form (= 2.1.0)
  spinjs-rails (= 1.3)
  spork!
  spreadsheet (= 0.9.0)
  therubyracer (= 0.12.0)
  thin
  thinking-sphinx (~> 2.0.14)
  ts-datetime-delta (~> 1.0.2)
  ts-delayed-delta (= 1.1.2)
  uglifier (= 2.2.1)
  uuid (= 2.3.5)
  will_paginate (= 3.0.5)
  will_paginate-bootstrap (= 0.2.5)
